GEM
  remote: https://rubygems.org/
  specs:
    dotenv (2.7.1)
    jwt (2.1.0)
    nexmo (5.6.0)
      jwt (~> 2)

PLATFORMS
  ruby

DEPENDENCIES
  dotenv (~> 2.7)
  nexmo (~> 5.6)

BUNDLED WITH
   1.17.2
